GEM
  remote: https://rubygems.org/
  specs:
    aws-sdk (2.1.35)
      aws-sdk-resources (= 2.1.35)
    aws-sdk-core (2.1.35)
      jmespath (~> 1.0)
    aws-sdk-resources (2.1.35)
      aws-sdk-core (= 2.1.35)
    fluent-logger (0.5.0)
      msgpack (>= 0.4.4, < 0.6.0, != 0.5.3, != 0.5.2, != 0.5.1, != 0.5.0)
    jmespath (1.6.1)
    msgpack (0.5.12)

PLATFORMS
  ruby

DEPENDENCIES
  aws-sdk
  fluent-logger

BUNDLED WITH
   1.10.3
